GEM
  remote: https://rubygems.org/
  specs:
    ansi (1.4.3)
    armor (0.0.3)
    builder (3.2.2)
    coderay (1.1.0)
    cuba (3.1.1)
      rack
    cuba-contrib (3.1.0)
      cuba (~> 3.1)
    dotenv (0.10.0)
    hiredis (0.5.2)
    interactor (2.1.0)
    method_source (0.8.2)
    minitest (5.3.3)
    minitest-reporters (1.0.4)
      ansi
      builder
      minitest (>= 5.0)
      ruby-progressbar
    mote (1.1.2)
    msgpack (0.5.8)
    nido (0.0.1)
    ohm (2.0.0)
      msgpack
      nido
      redic
    ohm-contrib (2.0.0)
      ohm (~> 2.0.0)
    pry (0.9.12.4)
      coderay (~> 1.0)
      method_source (~> 0.8)
      slop (~> 3.4)
    puma (2.8.2)
      rack (>= 1.1, < 2.0)
    rack (1.5.2)
    rack-protection (1.5.1)
      rack
    redic (1.1.1)
      hiredis
    ruby-progressbar (1.4.2)
    shield (2.1.0)
      armor
    shotgun (0.9)
      rack (>= 1.0)
    slop (3.4.7)

PLATFORMS
  ruby

DEPENDENCIES
  cuba
  cuba-contrib
  dotenv
  interactor
  minitest-reporters
  mote
  ohm
  ohm-contrib
  pry
  puma
  rack-protection
  shield
  shotgun
