GEM
  remote: https://rubygems.org/
  specs:
    armor (0.0.3)
    cuba (3.1.1)
      rack
    cuba-contrib (3.1.0)
      cuba (~> 3.1)
    diff-lcs (1.2.5)
    hiredis (0.5.2)
    interactor (2.1.0)
    mote (1.1.2)
    msgpack (0.5.8)
    nido (0.0.1)
    ohm (2.0.0)
      msgpack
      nido
      redic
    ohm-contrib (2.0.0)
      ohm (~> 2.0.0)
    puma (2.8.2)
      rack (>= 1.1, < 2.0)
    rack (1.5.2)
    redic (1.1.1)
      hiredis
    rspec (2.14.1)
      rspec-core (~> 2.14.0)
      rspec-expectations (~> 2.14.0)
      rspec-mocks (~> 2.14.0)
    rspec-core (2.14.8)
    rspec-expectations (2.14.5)
      diff-lcs (>= 1.1.3, < 2.0)
    rspec-mocks (2.14.6)
    shield (2.1.0)
      armor
    shotgun (0.9)
      rack (>= 1.0)

PLATFORMS
  ruby

DEPENDENCIES
  cuba
  cuba-contrib
  interactor
  mote
  ohm
  ohm-contrib
  puma
  rspec
  shield
  shotgun
